GEM
  remote: http://rubygems.org/
  specs:
    celluloid (0.15.2)
      timers (~> 1.1.0)
    coderay (1.1.0)
    connection_pool (1.2.0)
    daemons (1.1.9)
    faraday (0.8.8)
      multipart-post (~> 1.2.0)
    json (1.8.1)
    method_source (0.8.2)
    multipart-post (1.2.0)
    newrelic_plugin (1.3.1)
      json
    pry (0.9.12.4)
      coderay (~> 1.0)
      method_source (~> 0.8)
      slop (~> 3.4)
    redis (3.0.7)
    redis-namespace (1.4.1)
      redis (~> 3.0.4)
    sidekiq (2.17.4)
      celluloid (>= 0.15.2)
      connection_pool (>= 1.0.0)
      json
      redis (>= 3.0.6)
      redis-namespace (>= 1.3.1)
    slop (3.4.7)
    timers (1.1.0)

PLATFORMS
  ruby

DEPENDENCIES
  daemons
  faraday
  newrelic_plugin
  pry
  redis
  sidekiq
